GEM
  remote: https://rubygems.org/
  specs:
    colorize (1.1.0)
    diff-lcs (1.5.1)
    docile (1.4.1)
    ffi (1.17.0-java)
    rake (13.2.1)
    rspec (3.13.0)
      rspec-core (~> 3.13.0)
      rspec-expectations (~> 3.13.0)
      rspec-mocks (~> 3.13.0)
    rspec-core (3.13.0)
      rspec-support (~> 3.13.0)
    rspec-expectations (3.13.1)
      diff-lcs (>= 1.2.0, < 2.0)
      rspec-support (~> 3.13.0)
    rspec-mocks (3.13.1)
      diff-lcs (>= 1.2.0, < 2.0)
      rspec-support (~> 3.13.0)
    rspec-support (3.13.1)
    simplecov (0.22.0)
      docile (~> 1.1)
      simplecov-html (~> 0.11)
      simplecov_json_formatter (~> 0.1)
    simplecov-html (0.12.3)
    simplecov_json_formatter (0.1.4)
    spoon (0.0.6)
      ffi

PLATFORMS
  universal-java-22

DEPENDENCIES
  colorize
  rake
  rspec
  simplecov
  spoon

BUNDLED WITH
   2.5.16
